RESTRICTION: == net6.0
NUGET
  remote: https://api.nuget.org/v3/index.json
    CommandLineParser (2.8)
    Handlebars.Net (1.11.5)
      Microsoft.CSharp (>= 4.4)
      System.Reflection.TypeExtensions (>= 4.4)
    Humanizer.Core (2.8.26)
    Microsoft.CSharp (4.7)
    Microsoft.Extensions.DependencyInjection (3.1.9)
      Microsoft.Extensions.DependencyInjection.Abstractions (>= 3.1.9)
    Microsoft.Extensions.DependencyInjection.Abstractions (3.1.9)
    Microsoft.NETCore.App.Ref (6.0.8)
    Microsoft.NETCore.Platforms (7.0.1)
    Microsoft.NETCore.Targets (5.0)
    Newtonsoft.Json (13.0.1)
    System.Reflection.TypeExtensions (4.7)
    System.Runtime (4.3.1)
      Microsoft.NETCore.Platforms (>= 1.1.1)
      Microsoft.NETCore.Targets (>= 1.1.3)

GROUP dotnet_deps
RESTRICTION: == net6.0
NUGET
  remote: https://api.nuget.org/v3/index.json
    CommandLineParser (2.8)
    Handlebars.Net (1.11.5)
      Microsoft.CSharp (>= 4.4)
      System.Reflection.TypeExtensions (>= 4.4)
    Humanizer.Core (2.8.26)
    Microsoft.CSharp (4.7)
    Microsoft.Extensions.DependencyInjection (3.1.9)
      Microsoft.Extensions.DependencyInjection.Abstractions (>= 3.1.9)
    Microsoft.Extensions.DependencyInjection.Abstractions (3.1.9)
    Microsoft.NETCore.App.Ref (6.0.8)
    Microsoft.NETCore.Platforms (7.0.1)
    Microsoft.NETCore.Targets (5.0)
    Newtonsoft.Json (13.0.1)
    System.Reflection.TypeExtensions (4.7)
    System.Runtime (4.3.1)
      Microsoft.NETCore.Platforms (>= 1.1.1)
      Microsoft.NETCore.Targets (>= 1.1.3)
