RESTRICTION: == net6.0
NUGET
  remote: https://api.nuget.org/v3/index.json
    CommandLineParser (2.8)
    Handlebars.Net (1.11.5)
      Microsoft.CSharp (>= 4.4)
      System.Reflection.TypeExtensions (>= 4.4)
    Humanizer.Core (2.8.26)
    Microsoft.CSharp (4.7)
    Microsoft.Extensions.DependencyInjection (3.1.9)
      Microsoft.Extensions.DependencyInjection.Abstractions (>= 3.1.9)
    Microsoft.Extensions.DependencyInjection.Abstractions (3.1.9)
    Microsoft.IdentityModel.Abstractions (6.19)
    Microsoft.IdentityModel.Logging (6.19)
      Microsoft.IdentityModel.Abstractions (>= 6.19)
    Microsoft.IdentityModel.Tokens (6.19)
      Microsoft.CSharp (>= 4.5)
      Microsoft.IdentityModel.Logging (>= 6.19)
      System.Security.Cryptography.Cng (>= 4.5)
    Microsoft.NETCore.App.Ref (6.0.8)
    Microsoft.NETCore.Platforms (7.0.1)
    Microsoft.NETCore.Targets (5.0)
    Newtonsoft.Json (13.0.1)
    System.Formats.Asn1 (7.0)
    System.Reflection.TypeExtensions (4.7)
    System.Runtime (4.3.1)
      Microsoft.NETCore.Platforms (>= 1.1.1)
      Microsoft.NETCore.Targets (>= 1.1.3)
    System.Security.Cryptography.Cng (5.0)
      System.Formats.Asn1 (>= 5.0)

GROUP dotnet_deps
RESTRICTION: == net6.0
NUGET
  remote: https://api.nuget.org/v3/index.json
    CommandLineParser (2.8)
    Handlebars.Net (1.11.5)
      Microsoft.CSharp (>= 4.4)
      System.Reflection.TypeExtensions (>= 4.4)
    Humanizer.Core (2.8.26)
    Microsoft.CSharp (4.7)
    Microsoft.Extensions.DependencyInjection (3.1.9)
      Microsoft.Extensions.DependencyInjection.Abstractions (>= 3.1.9)
    Microsoft.Extensions.DependencyInjection.Abstractions (3.1.9)
    Microsoft.IdentityModel.Abstractions (6.19)
    Microsoft.IdentityModel.Logging (6.19)
      Microsoft.IdentityModel.Abstractions (>= 6.19)
    Microsoft.IdentityModel.Tokens (6.19)
      Microsoft.CSharp (>= 4.5)
      Microsoft.IdentityModel.Logging (>= 6.19)
      System.Security.Cryptography.Cng (>= 4.5)
    Microsoft.NETCore.App.Ref (6.0.8)
    Microsoft.NETCore.Platforms (7.0.1)
    Microsoft.NETCore.Targets (5.0)
    NETStandard.Library (2.0.3)
      Microsoft.NETCore.Platforms (>= 1.1)
    Newtonsoft.Json (13.0.1)
    NUnit (3.13.2)
      NETStandard.Library (>= 2.0)
    NUnitLite (3.13.2)
      NETStandard.Library (>= 2.0)
      NUnit (3.13.2)
    System.Diagnostics.Tools (4.3)
      Microsoft.NETCore.Platforms (>= 1.1)
      Microsoft.NETCore.Targets (>= 1.1)
      System.Runtime (>= 4.3)
    System.Formats.Asn1 (7.0)
    System.Reflection.TypeExtensions (4.7)
    System.Runtime (4.3.1)
      Microsoft.NETCore.Platforms (>= 1.1.1)
      Microsoft.NETCore.Targets (>= 1.1.3)
    System.Security.Cryptography.Cng (5.0)
      System.Formats.Asn1 (>= 5.0)
